GEM
  remote: https://rubygems.org/
  specs:
    ffi (1.9.3)
    geoip (1.4.0)
    libv8 (3.16.14.3)
    mini_portile (0.6.0)
    nokogiri (1.6.2.1)
      mini_portile (= 0.6.0)
    ref (1.0.5)
    rufus-lua (1.1.1)
      ffi (~> 1.9)
    therubyracer (0.12.1)
      libv8 (~> 3.16.14.0)
      ref
    whatlanguage (1.0.5)

PLATFORMS
  ruby

DEPENDENCIES
  geoip
  nokogiri
  rufus-lua (~> 1.1.1)
  therubyracer
  whatlanguage
