GEM
  remote: https://rubygems.org/
  specs:
    ffi (1.9.3)
    libv8 (3.16.14.3)
    ref (1.0.5)
    rufus-lua (1.1.1)
      ffi (~> 1.9)
    therubyracer (0.12.1)
      libv8 (~> 3.16.14.0)
      ref

PLATFORMS
  ruby

DEPENDENCIES
  rufus-lua (~> 1.1.1)
  therubyracer
